GEM
  remote: https://rubygems.org/
  specs:
    addressable (2.5.0)
      public_suffix (~> 2.0, >= 2.0.2)
    faraday (0.11.0)
      multipart-post (>= 1.2, < 3)
    koala (2.4.0)
      addressable
      faraday
      multi_json (>= 1.3.0)
    multi_json (1.12.1)
    multipart-post (2.0.0)
    public_suffix (2.0.5)
    ruby-progressbar (1.8.1)

PLATFORMS
  ruby

DEPENDENCIES
  koala (~> 2.2)
  ruby-progressbar (~> 1.8.1)

BUNDLED WITH
   1.14.3
